GIT
  remote: git://github.com/jordandcarter/sprinkle.git
  revision: 408a82c764f07f96b49df805b3356197123dbfc4
  specs:
    sprinkle (0.4.2)
      activesupport (>= 2.0.2)
      capistrano (>= 2.5.5)
      highline (>= 1.4.0)

GIT
  remote: git://github.com/usercycle/usercycle-api-ruby.git
  revision: 3d650aeed09944c608be182bcec3d3619b21f692
  ref: 3d650aeed09944c608be182bcec3d3619b21f692
  specs:
    usercycle (0.1.3)
      httparty (>= 0.8.1)

GEM
  remote: https://rubygems.org/
  specs:
    RubyInline (3.12.2)
      ZenTest (~> 4.3)
    ZenTest (4.9.2)
    ace-rails-ap (2.0.0)
    actionmailer (3.2.13)
      actionpack (= 3.2.13)
      mail (~> 2.5.3)
    actionpack (3.2.13)
      activemodel (= 3.2.13)
      activesupport (= 3.2.13)
      builder (~> 3.0.0)
      erubis (~> 2.7.0)
      journey (~> 1.0.4)
      rack (~> 1.4.5)
      rack-cache (~> 1.2)
      rack-test (~> 0.6.1)
      sprockets (~> 2.2.1)
    active_model_serializers (0.8.1)
      activemodel (>= 3.0)
    active_utils (1.0.5)
      activesupport (>= 2.3.11)
      i18n
    activemerchant (1.32.1)
      active_utils (>= 1.0.2)
      activesupport (>= 2.3.14)
      builder (>= 2.0.0)
      i18n
      json (>= 1.5.1)
      money
      nokogiri
    activemodel (3.2.13)
      activesupport (= 3.2.13)
      builder (~> 3.0.0)
    activerecord (3.2.13)
      activemodel (= 3.2.13)
      activesupport (= 3.2.13)
      arel (~> 3.0.2)
      tzinfo (~> 0.3.29)
    activeresource (3.2.13)
      activemodel (= 3.2.13)
      activesupport (= 3.2.13)
    activesupport (3.2.13)
      i18n (= 0.6.1)
      multi_json (~> 1.0)
    acts-as-taggable-on (2.3.3)
      rails (~> 3.0)
    acts_as_list (0.1.9)
    addressable (2.3.4)
    airbrake (3.1.12)
      activesupport
      builder
      json
    analytical (3.0.12)
    arel (3.0.2)
    attr_encryptor (1.0.2)
      encryptor2 (>= 1.0.0)
    bcrypt-ruby (3.0.1)
    better_errors (0.9.0)
      coderay (>= 1.0.0)
      erubis (>= 2.6.6)
    binding_of_caller (0.7.1)
      debug_inspector (>= 0.0.1)
    bootstrap-sass (2.1.0.1)
    brakeman (2.0.0)
      erubis (~> 2.6)
      fastercsv (~> 1.5)
      haml (>= 3.0, < 5.0)
      highline (~> 1.6.19)
      multi_json (~> 1.2)
      ruby2ruby (~> 2.0.5)
      ruby_parser (~> 3.1.1)
      sass (~> 3.0)
      slim (~> 1.3.6)
      terminal-table (~> 1.4)
    builder (3.0.4)
    bullet (4.6.0)
      uniform_notifier
    bundler-audit (0.1.2)
      bundler (~> 1.2)
    callsite (0.0.11)
    capistrano (2.15.4)
      highline
      net-scp (>= 1.0.0)
      net-sftp (>= 2.0.0)
      net-ssh (>= 2.0.14)
      net-ssh-gateway (>= 1.1.0)
    capybara (2.1.0)
      mime-types (>= 1.16)
      nokogiri (>= 1.3.3)
      rack (>= 1.0.0)
      rack-test (>= 0.5.4)
      xpath (~> 2.0)
    carrierwave (0.6.2)
      activemodel (>= 3.2.0)
      activesupport (>= 3.2.0)
    chronic (0.6.7)
    chunky_png (1.2.8)
    coderay (1.0.9)
    coffee-rails (3.2.2)
      coffee-script (>= 2.2.0)
      railties (~> 3.2.0)
    coffee-script (2.2.0)
      coffee-script-source
      execjs
    coffee-script-source (1.6.2)
    columnize (0.3.6)
    compass (0.12.2)
      chunky_png (~> 1.2)
      fssm (>= 0.2.7)
      sass (~> 3.1)
    compass-rails (1.0.3)
      compass (>= 0.12.2, < 0.14)
    coolline (0.4.2)
    cucumber (1.3.2)
      builder (>= 2.1.2)
      diff-lcs (>= 1.1.3)
      gherkin (~> 2.12.0)
      multi_json (~> 1.3)
    cucumber-rails (1.3.1)
      capybara (>= 1.1.2)
      cucumber (>= 1.2.0)
      nokogiri (>= 1.5.0)
      rails (~> 3.0)
    daemons (1.1.9)
    database_cleaner (1.0.1)
    debug_inspector (0.0.2)
    debugger (1.6.0)
      columnize (>= 0.3.1)
      debugger-linecache (~> 1.2.0)
      debugger-ruby_core_source (~> 1.2.1)
    debugger-linecache (1.2.0)
    debugger-ruby_core_source (1.2.2)
    default_value_for (2.0.3)
    delayed_job (3.0.5)
      activesupport (~> 3.0)
    delayed_job_active_record (0.4.4)
      activerecord (>= 2.1.0, < 4)
      delayed_job (~> 3.0)
    delorean (2.1.0)
      chronic
    devise (2.2.4)
      bcrypt-ruby (~> 3.0)
      orm_adapter (~> 0.1)
      railties (~> 3.1)
      warden (~> 1.2.1)
    diff-lcs (1.2.4)
    ember-rails (0.7.0)
      active_model_serializers
      execjs (>= 1.2)
      railties (~> 3.1)
    encryptor2 (1.0.0)
    erubis (2.7.0)
    eventmachine (1.0.3)
    execjs (1.4.0)
      multi_json (~> 1.0)
    fabrication (2.7.2)
    fastercsv (1.5.5)
    faye-websocket (0.4.7)
      eventmachine (>= 0.12.0)
    ffi (1.8.1)
    figaro (0.6.4)
      bundler (~> 1.0)
      rails (>= 3, < 5)
    formatador (0.2.4)
    fssm (0.2.10)
    fuubar (1.0.0)
      rspec (~> 2.0)
      rspec-instafail (~> 0.2.0)
      ruby-progressbar (~> 0.0.10)
    fuzzy-string-match (0.9.5)
      RubyInline (>= 3.8.6)
      RubyInline (>= 3.8.6)
    gherkin (2.12.0)
      multi_json (~> 1.3)
    guard (1.8.0)
      formatador (>= 0.2.4)
      listen (>= 1.0.0)
      lumberjack (>= 1.0.2)
      pry (>= 0.9.10)
      thor (>= 0.14.6)
    guard-rspec (3.0.1)
      guard (>= 1.8)
      rspec (~> 2.13)
    haml (3.1.8)
    haml-rails (0.3.5)
      actionpack (>= 3.1, < 4.1)
      activesupport (>= 3.1, < 4.1)
      haml (~> 3.1)
      railties (>= 3.1, < 4.1)
    has_scope (0.5.1)
    highline (1.6.19)
    hike (1.2.3)
    hodel_3000_compliant_logger (0.1.1)
    http_parser.rb (0.5.3)
    httparty (0.11.0)
      multi_json (~> 1.0)
      multi_xml (>= 0.5.2)
    i18n (0.6.1)
    inherited_resources (1.3.1)
      has_scope (~> 0.5.0)
      responders (~> 0.6)
    io-console (0.3)
    journey (1.0.4)
    jquery-rails (2.1.4)
      railties (>= 3.0, < 5.0)
      thor (>= 0.14, < 2.0)
    json (1.7.7)
    launchy (2.3.0)
      addressable (~> 2.3)
    letter_opener (1.1.1)
      launchy (~> 2.2)
    libv8 (3.11.8.17)
    listen (1.1.6)
      rb-fsevent (>= 0.9.3)
      rb-inotify (>= 0.9)
      rb-kqueue (>= 0.2)
    lumberjack (1.0.3)
    mail (2.5.4)
      mime-types (~> 1.16)
      treetop (~> 1.4.8)
    mail_safe (0.3.1)
      actionmailer (>= 1.3.6)
    meta_request (0.2.6)
      callsite
      rack-contrib
      railties
    method_source (0.8.1)
    mime-types (1.23)
    mini_magick (3.6.0)
      subexec (~> 0.2.1)
    money (5.0.0)
      i18n (~> 0.4)
      json
    money-rails (0.5.0)
      activesupport (~> 3.0)
      money (~> 5.0.0)
      railties (~> 3.0)
    multi_json (1.3.7)
    multi_xml (0.5.4)
    net-scp (1.1.1)
      net-ssh (>= 2.6.5)
    net-sftp (2.1.2)
      net-ssh (>= 2.6.5)
    net-ssh (2.6.7)
    net-ssh-gateway (1.2.0)
      net-ssh (>= 2.6.5)
    newrelic_rpm (3.6.3.106)
    nokogiri (1.5.9)
    oink (0.10.1)
      activerecord
      hodel_3000_compliant_logger
    orm_adapter (0.4.0)
    parallel (0.6.5)
    parallel_tests (0.13.3)
      parallel
    pg (0.14.1)
    pg_search (0.5.7)
      activerecord (>= 3)
      activesupport (>= 3)
    poltergeist (1.3.0)
      capybara (~> 2.1.0)
      faye-websocket (>= 0.4.4, < 0.5.0)
      http_parser.rb (~> 0.5.3)
    polyglot (0.3.3)
    postmark (0.9.19)
      json
      rake
    postmark-rails (0.4.2)
      actionmailer
      postmark (~> 0.9)
    pry (0.9.12.2)
      coderay (~> 1.0.5)
      method_source (~> 0.8)
      slop (~> 3.4)
    pry-coolline (0.2.2)
      coolline (~> 0.3)
      io-console (~> 0.3.0)
    pry-debugger (0.2.2)
      debugger (~> 1.3)
      pry (~> 0.9.10)
    pry-rails (0.3.0)
      pry (>= 0.9.10)
    quiet_assets (1.0.2)
      railties (>= 3.1, < 5.0)
    rack (1.4.5)
    rack-cache (1.2)
      rack (>= 0.4)
    rack-contrib (1.1.0)
      rack (>= 0.9.1)
    rack-ssl (1.3.3)
      rack
    rack-test (0.6.2)
      rack (>= 1.0)
    rails (3.2.13)
      actionmailer (= 3.2.13)
      actionpack (= 3.2.13)
      activerecord (= 3.2.13)
      activeresource (= 3.2.13)
      activesupport (= 3.2.13)
      bundler (~> 1.0)
      railties (= 3.2.13)
    railties (3.2.13)
      actionpack (= 3.2.13)
      activesupport (= 3.2.13)
      rack-ssl (~> 1.3.2)
      rake (>= 0.8.7)
      rdoc (~> 3.4)
      thor (>= 0.14.6, < 2.0)
    rake (10.0.4)
    rb-fsevent (0.9.3)
    rb-inotify (0.9.0)
      ffi (>= 0.5.0)
    rb-kqueue (0.2.0)
      ffi (>= 0.5.0)
    rdoc (3.12.2)
      json (~> 1.4)
    ref (1.0.5)
    responders (0.9.3)
      railties (~> 3.1)
    rspec (2.13.0)
      rspec-core (~> 2.13.0)
      rspec-expectations (~> 2.13.0)
      rspec-mocks (~> 2.13.0)
    rspec-core (2.13.1)
    rspec-expectations (2.13.0)
      diff-lcs (>= 1.1.3, < 2.0)
    rspec-instafail (0.2.4)
    rspec-mocks (2.13.1)
    rspec-rails (2.13.2)
      actionpack (>= 3.0)
      activesupport (>= 3.0)
      railties (>= 3.0)
      rspec-core (~> 2.13.0)
      rspec-expectations (~> 2.13.0)
      rspec-mocks (~> 2.13.0)
    ruby-prof (0.13.0)
    ruby-progressbar (0.0.10)
    ruby2ruby (2.0.5)
      ruby_parser (~> 3.1)
      sexp_processor (~> 4.0)
    ruby_parser (3.1.3)
      sexp_processor (~> 4.1)
    sass (3.2.9)
    sass-rails (3.2.6)
      railties (~> 3.2.0)
      sass (>= 3.1.10)
      tilt (~> 1.3)
    select2-rails (3.2.1)
      thor (~> 0.14)
    sexp_processor (4.2.1)
    simple_form (2.0.4)
      actionpack (~> 3.0)
      activemodel (~> 3.0)
    simplecov (0.7.1)
      multi_json (~> 1.0)
      simplecov-html (~> 0.7.1)
    simplecov-html (0.7.1)
    slim (1.3.9)
      temple (~> 0.6.3)
      tilt (~> 1.3, >= 1.3.3)
    slop (3.4.5)
    sprockets (2.2.2)
      hike (~> 1.2)
      multi_json (~> 1.0)
      rack (~> 1.0)
      tilt (~> 1.1, != 1.3.0)
    state_machine (1.1.2)
    subexec (0.2.3)
    temple (0.6.5)
    term-ansicolor (1.2.2)
      tins (~> 0.8)
    terminal-table (1.4.5)
    therubyracer (0.11.4)
      libv8 (~> 3.11.8.12)
      ref
    thor (0.18.1)
    tilt (1.4.1)
    tins (0.8.0)
    treetop (1.4.14)
      polyglot
      polyglot (>= 0.3.1)
    tzinfo (0.3.37)
    uglifier (1.2.7)
      execjs (>= 0.3.0)
      multi_json (~> 1.3)
    uniform_notifier (1.2.0)
    warden (1.2.1)
      rack (>= 1.0)
    webrick (1.3.1)
    whenever (0.7.3)
      activesupport (>= 2.3.4)
      chronic (~> 0.6.3)
    xpath (2.0.0)
      nokogiri (~> 1.3)
    xray-rails (0.1.5)
      coffee-rails
      rails (>= 3.1.0)

PLATFORMS
  ruby

DEPENDENCIES
  ace-rails-ap (~> 2.0.0)
  activemerchant (~> 1.32.1)
  acts-as-taggable-on (~> 2.3.3)
  acts_as_list (~> 0.1.8)
  airbrake (~> 3.1.2)
  analytical (~> 3.0.12)
  attr_encryptor (~> 1.0.2)
  better_errors
  binding_of_caller
  bootstrap-sass (~> 2.1.0.0)
  brakeman
  bullet
  bundler-audit
  capistrano
  capybara
  carrierwave (~> 0.6.2)
  coffee-rails (~> 3.2.2)
  compass-rails (~> 1.0.3)
  cucumber-rails
  daemons (~> 1.1.9)
  database_cleaner
  default_value_for (~> 2.0.1)
  delayed_job (~> 3.0.5)
  delayed_job_active_record (~> 0.4.4)
  delorean
  devise (~> 2.2.4)
  ember-rails (~> 0.7.0)
  fabrication
  figaro (~> 0.6.4)
  fuubar (~> 1.0.0)
  fuzzy-string-match (~> 0.9.4)
  guard
  guard-rspec
  haml-rails (~> 0.3.4)
  inherited_resources (~> 1.3.1)
  jquery-rails (~> 2.1.1)
  json (~> 1.7.7)
  launchy
  letter_opener
  listen
  mail_safe
  meta_request
  mini_magick (~> 3.4)
  money-rails (~> 0.5.0)
  multi_json (~> 1.3.6)
  newrelic_rpm (~> 3.6.1)
  oink
  parallel_tests
  pg (~> 0.14.0)
  pg_search (~> 0.5.1)
  poltergeist
  postmark-rails (~> 0.4.1)
  pry-coolline
  pry-debugger
  pry-rails
  quiet_assets
  rails (~> 3.2.13)
  rspec-rails
  ruby-prof
  sass-rails (~> 3.2.5)
  select2-rails (~> 3.2.1)
  simple_form (~> 2.0.2)
  simplecov
  sprinkle!
  state_machine (~> 1.1.2)
  term-ansicolor
  therubyracer
  uglifier (~> 1.2.7)
  usercycle!
  webrick
  whenever (~> 0.7.3)
  xray-rails
