GIT
  remote: https://github.com/jordandcarter/sprinkle.git
  revision: 408a82c764f07f96b49df805b3356197123dbfc4
  specs:
    sprinkle (0.4.2)
      activesupport (>= 2.0.2)
      capistrano (>= 2.5.5)
      highline (>= 1.4.0)

GEM
  remote: https://rubygems.org/
  specs:
    RubyInline (3.12.3)
      ZenTest (~> 4.3)
    ZenTest (4.11.0)
    ace-rails-ap (2.0.1)
    actionmailer (3.2.21)
      actionpack (= 3.2.21)
      mail (~> 2.5.4)
    actionpack (3.2.21)
      activemodel (= 3.2.21)
      activesupport (= 3.2.21)
      builder (~> 3.0.0)
      erubis (~> 2.7.0)
      journey (~> 1.0.4)
      rack (~> 1.4.5)
      rack-cache (~> 1.2)
      rack-test (~> 0.6.1)
      sprockets (~> 2.2.1)
    active_utils (2.2.3)
      activesupport (>= 2.3.11)
      i18n
    activemerchant (1.32.1)
      active_utils (>= 1.0.2)
      activesupport (>= 2.3.14)
      builder (>= 2.0.0)
      i18n
      json (>= 1.5.1)
      money
      nokogiri
    activemodel (3.2.21)
      activesupport (= 3.2.21)
      builder (~> 3.0.0)
    activerecord (3.2.21)
      activemodel (= 3.2.21)
      activesupport (= 3.2.21)
      arel (~> 3.0.2)
      tzinfo (~> 0.3.29)
    activeresource (3.2.21)
      activemodel (= 3.2.21)
      activesupport (= 3.2.21)
    activesupport (3.2.21)
      i18n (~> 0.6, >= 0.6.4)
      multi_json (~> 1.0)
    acts-as-taggable-on (2.3.3)
      rails (~> 3.0)
    acts_as_list (0.1.9)
    addressable (2.3.8)
    aggregate (0.2.2)
    airbrake (3.1.17)
      builder
      multi_json
    analytical (3.0.12)
    apipie-rails (0.2.6)
      json
    arel (3.0.3)
    ast (2.0.0)
    astrolabe (1.3.0)
      parser (>= 2.2.0.pre.3, < 3.0)
    attr_encryptor (1.0.2)
      encryptor2 (>= 1.0.0)
    axiom-types (0.1.1)
      descendants_tracker (~> 0.0.4)
      ice_nine (~> 0.11.0)
      thread_safe (~> 0.3, >= 0.3.1)
    bcrypt (3.1.10)
    better_errors (2.1.1)
      coderay (>= 1.0.0)
      erubis (>= 2.6.6)
      rack (>= 0.9.0)
    biggs (0.3.3)
      activerecord (>= 3.0)
    binding_of_caller (0.7.2)
      debug_inspector (>= 0.0.1)
    bootbox-rails (0.1.0)
      railties (>= 3.1.0)
    bootstrap-sass (2.3.2.2)
      sass (~> 3.2)
    brakeman (1.9.5)
      erubis (~> 2.6)
      fastercsv (~> 1.5)
      haml (>= 3.0, < 5.0)
      highline (~> 1.6)
      multi_json (~> 1.2)
      ruby2ruby (= 2.0.3)
      ruby_parser (~> 3.1.1)
      sass (~> 3.0)
      slim (~> 1.3.6)
      terminal-table (~> 1.4)
    bugsnag (2.0.3)
      httparty (>= 0.6, < 1.0)
      multi_json (~> 1.0)
    builder (3.0.4)
    bullet (4.14.4)
      activesupport (>= 3.0.0)
      uniform_notifier (>= 1.6.0)
    bundler-audit (0.3.1)
      bundler (~> 1.2)
      thor (~> 0.18)
    byebug (4.0.5)
      columnize (= 0.9.0)
    callsite (0.0.11)
    cane (2.6.2)
      parallel
    capistrano (2.15.5)
      highline
      net-scp (>= 1.0.0)
      net-sftp (>= 2.0.0)
      net-ssh (>= 2.0.14)
      net-ssh-gateway (>= 1.1.0)
    capybara (2.3.0)
      mime-types (>= 1.16)
      nokogiri (>= 1.3.3)
      rack (>= 1.0.0)
      rack-test (>= 0.5.4)
      xpath (~> 2.0)
    capybara-screenshot (1.0.9)
      capybara (>= 1.0, < 3)
      launchy
    carrierwave (0.6.2)
      activemodel (>= 3.2.0)
      activesupport (>= 3.2.0)
    celluloid (0.16.0)
      timers (~> 4.0.0)
    charlock_holmes (0.6.9.4)
    chronic (0.6.7)
    chunky_png (1.3.4)
    cliver (0.3.2)
    coderay (1.1.0)
    coercible (1.0.0)
      descendants_tracker (~> 0.0.1)
    coffee-rails (3.2.2)
      coffee-script (>= 2.2.0)
      railties (~> 3.2.0)
    coffee-script (2.4.1)
      coffee-script-source
      execjs
    coffee-script-source (1.9.1)
    columnize (0.9.0)
    compass (0.12.7)
      chunky_png (~> 1.2)
      fssm (>= 0.2.7)
      sass (~> 3.2.19)
    compass-rails (1.0.3)
      compass (>= 0.12.2, < 0.14)
    coolline (0.5.0)
      unicode_utils (~> 1.4)
    countries (0.9.3)
      currencies (~> 0.4.2)
    country_select (1.1.3)
    crazy_money (1.2.1)
      currency_data (>= 1.1.0)
      i18n (>= 0.6.11)
    css_parser (1.3.6)
      addressable
    cucumber (1.3.19)
      builder (>= 2.1.2)
      diff-lcs (>= 1.1.3)
      gherkin (~> 2.12)
      multi_json (>= 1.7.5, < 2.0)
      multi_test (>= 0.1.2)
    cucumber-rails (1.4.2)
      capybara (>= 1.1.2, < 3)
      cucumber (>= 1.3.8, < 2)
      mime-types (>= 1.16, < 3)
      nokogiri (~> 1.5)
      rails (>= 3, < 5)
    currencies (0.4.2)
    currency_data (1.1.0)
    daemons (1.1.9)
    database_cleaner (1.4.1)
    debug_inspector (0.0.2)
    default_value_for (2.0.3)
    delayed-plugins-airbrake (1.1.0)
      airbrake
      delayed_job
    delayed_job (3.0.5)
      activesupport (~> 3.0)
    delayed_job_active_record (0.4.4)
      activerecord (>= 2.1.0, < 4)
      delayed_job (~> 3.0)
    delayed_job_web (1.2.0)
      activerecord (> 3.0.0)
      delayed_job (> 2.0.3)
      haml (>= 3.1.3)
      rdoc
      sinatra (>= 0.9.2)
    delorean (2.1.0)
      chronic
    descendants_tracker (0.0.4)
      thread_safe (~> 0.3, >= 0.3.1)
    devise (3.2.4)
      bcrypt (~> 3.0)
      orm_adapter (~> 0.1)
      railties (>= 3.2.6, < 5)
      thread_safe (~> 0.1)
      warden (~> 1.2.3)
    devise-i18n (0.10.5)
    diff-lcs (1.2.5)
    discover-unused-partials (0.3.1)
    docile (1.1.5)
    draper (1.2.1)
      actionpack (>= 3.0)
      activesupport (>= 3.0)
      request_store (~> 1.0.3)
    email_templator (1.0.0)
    encryptor2 (1.0.0)
    equalizer (0.0.11)
    erubis (2.7.0)
    execjs (2.5.2)
    fabrication (2.9.8)
    faraday (0.9.1)
      multipart-post (>= 1.2, < 3)
    fast_blank (0.0.2)
    fastercsv (1.5.5)
    ffi (1.9.8)
    figaro (0.6.4)
      bundler (~> 1.0)
      rails (>= 3, < 5)
    foreman (0.78.0)
      thor (~> 0.19.1)
    formatador (0.2.5)
    fssm (0.2.10)
    fuzzy-string-match (0.9.7)
      RubyInline (>= 3.8.6)
    geokit (1.8.5)
      multi_json (>= 1.3.2)
    gherkin (2.12.2)
      multi_json (~> 1.3)
    guard (2.12.5)
      formatador (>= 0.2.4)
      listen (~> 2.7)
      lumberjack (~> 1.0)
      nenv (~> 0.1)
      notiffany (~> 0.0)
      pry (>= 0.9.12)
      shellany (~> 0.0)
      thor (>= 0.18.1)
    guard-compat (1.2.1)
    guard-rspec (4.5.0)
      guard (~> 2.1)
      guard-compat (~> 1.1)
      rspec (>= 2.99.0, < 4.0)
    haml (3.1.8)
    haml-rails (0.3.5)
      actionpack (>= 3.1, < 4.1)
      activesupport (>= 3.1, < 4.1)
      haml (~> 3.1)
      railties (>= 3.1, < 4.1)
    has_scope (0.5.1)
    highline (1.7.1)
    hike (1.2.3)
    hitimes (1.2.2)
    htmlentities (4.3.3)
    httparty (0.13.3)
      json (~> 1.8)
      multi_xml (>= 0.5.2)
    i15r (0.5.3)
    i18n (0.7.0)
    i18n-spec (0.6.0)
      iso
    ice_nine (0.11.1)
    inherited_resources (1.3.1)
      has_scope (~> 0.5.0)
      responders (~> 0.6)
    intercom (2.4.4)
      json (~> 1.8)
    intercom-rails (0.2.27)
      activesupport (> 3.0)
    iso (0.2.1)
      i18n
    journey (1.0.4)
    jquery-rails (3.0.4)
      railties (>= 3.0, < 5.0)
      thor (>= 0.14, < 2.0)
    jquery-ui-rails (4.0.5)
      railties (>= 3.1.0)
    json (1.8.2)
    launchy (2.4.3)
      addressable (~> 2.3)
    letter_opener (1.3.0)
      launchy (~> 2.2)
    librato-metrics (1.5.0)
      aggregate (~> 0.2.2)
      faraday (~> 0.7)
      multi_json
    librato-rack (0.4.5)
      librato-metrics (~> 1.1)
    librato-rails (0.11.1)
      activesupport (>= 3.0)
      librato-rack (~> 0.4.2)
      railties (>= 3.0)
    libv8 (3.16.14.7)
    listen (2.10.0)
      celluloid (~> 0.16.0)
      rb-fsevent (>= 0.9.3)
      rb-inotify (>= 0.9)
    lumberjack (1.0.9)
    mail (2.5.4)
      mime-types (~> 1.16)
      treetop (~> 1.4.8)
    mail_safe (0.3.4)
      actionmailer (>= 3.0.0)
    meta_request (0.3.4)
      callsite (~> 0.0, >= 0.0.11)
      rack-contrib (~> 1.1)
      railties (>= 3.0.0, < 5.0.0)
    method_source (0.8.2)
    mime-types (1.25.1)
    mini_magick (3.8.1)
      subexec (~> 0.2.1)
    mini_portile (0.6.2)
    money (6.5.1)
      i18n (>= 0.6.4, <= 0.7.0)
    msgpack (0.5.11)
    multi_json (1.11.0)
    multi_test (0.1.2)
    multi_xml (0.5.5)
    multipart-post (2.0.0)
    naught (0.0.3)
    nenv (0.2.0)
    net-scp (1.2.1)
      net-ssh (>= 2.6.5)
    net-sftp (2.1.2)
      net-ssh (>= 2.6.5)
    net-ssh (2.9.2)
    net-ssh-gateway (1.2.0)
      net-ssh (>= 2.6.5)
    newrelic_rpm (3.11.2.286)
    nokogiri (1.6.6.2)
      mini_portile (~> 0.6.0)
    notiffany (0.0.6)
      nenv (~> 0.1)
      shellany (~> 0.0)
    oj (2.12.1)
    ordinalize_full (1.3.0)
      i18n (~> 0.7.0)
    orm_adapter (0.5.0)
    parallel (1.4.1)
    parallel_tests (1.3.7)
      parallel
    parser (2.2.0.3)
      ast (>= 1.1, < 3.0)
    pg (0.17.1)
    pg_search (0.5.7)
      activerecord (>= 3)
      activesupport (>= 3)
    poltergeist (1.6.0)
      capybara (~> 2.1)
      cliver (~> 0.3.1)
      multi_json (~> 1.0)
      websocket-driver (>= 0.2.0)
    polyglot (0.3.5)
    powerpack (0.1.0)
    premailer (1.8.4)
      css_parser (>= 1.3.6)
      htmlentities (>= 4.0.0)
    premailer-rails (1.4.0)
      premailer (~> 1.7)
      rails (>= 3)
    pry (0.10.1)
      coderay (~> 1.1.0)
      method_source (~> 0.8.1)
      slop (~> 3.4)
    pry-byebug (3.1.0)
      byebug (~> 4.0)
      pry (~> 0.10)
    pry-coolline (0.2.5)
      coolline (~> 0.5)
    pry-rails (0.3.4)
      pry (>= 0.9.10)
    pry-stack_explorer (0.4.9.2)
      binding_of_caller (>= 0.7)
      pry (>= 0.9.11)
    quiet_assets (1.1.0)
      railties (>= 3.1, < 5.0)
    rabl (0.9.3)
      activesupport (>= 2.3.14)
    rack (1.4.5)
    rack-cache (1.2)
      rack (>= 0.4)
    rack-contrib (1.2.0)
      rack (>= 0.9.1)
    rack-mini-profiler (0.9.3)
      rack (>= 1.1.3)
    rack-protection (1.5.3)
      rack
    rack-ssl (1.3.4)
      rack
    rack-test (0.6.3)
      rack (>= 1.0)
    rails (3.2.21)
      actionmailer (= 3.2.21)
      actionpack (= 3.2.21)
      activerecord (= 3.2.21)
      activeresource (= 3.2.21)
      activesupport (= 3.2.21)
      bundler (~> 1.0)
      railties (= 3.2.21)
    rails-i18n (3.0.1)
      i18n (~> 0.5)
      rails (>= 3.0.0, < 4.0.0)
    rails-patch-json-encode (0.1.1)
      multi_json (~> 1.0, >= 1.9.3)
    rails-timeago (2.8.1)
      actionpack (>= 3.1)
      activesupport (>= 3.1)
    railties (3.2.21)
      actionpack (= 3.2.21)
      activesupport (= 3.2.21)
      rack-ssl (~> 1.3.2)
      rake (>= 0.8.7)
      rdoc (~> 3.4)
      thor (>= 0.14.6, < 2.0)
    rainbow (2.0.0)
    rake (10.3.2)
    rb-fsevent (0.9.4)
    rb-inotify (0.9.5)
      ffi (>= 0.5.0)
    rbtrace (0.4.7)
      ffi (>= 1.0.6)
      msgpack (>= 0.4.3)
      trollop (>= 1.16.2)
    rdoc (3.12.2)
      json (~> 1.4)
    ref (1.0.5)
    request_store (1.0.8)
    responders (0.9.3)
      railties (~> 3.1)
    retryable (1.3.6)
    rspec (3.2.0)
      rspec-core (~> 3.2.0)
      rspec-expectations (~> 3.2.0)
      rspec-mocks (~> 3.2.0)
    rspec-activemodel-mocks (1.0.1)
      activemodel (>= 3.0)
      activesupport (>= 3.0)
      rspec-mocks (>= 2.99, < 4.0)
    rspec-core (3.2.3)
      rspec-support (~> 3.2.0)
    rspec-expectations (3.2.1)
      diff-lcs (>= 1.2.0, < 2.0)
      rspec-support (~> 3.2.0)
    rspec-mocks (3.2.1)
      diff-lcs (>= 1.2.0, < 2.0)
      rspec-support (~> 3.2.0)
    rspec-rails (3.2.1)
      actionpack (>= 3.0, < 4.3)
      activesupport (>= 3.0, < 4.3)
      railties (>= 3.0, < 4.3)
      rspec-core (~> 3.2.0)
      rspec-expectations (~> 3.2.0)
      rspec-mocks (~> 3.2.0)
      rspec-support (~> 3.2.0)
    rspec-support (3.2.2)
    rubocop (0.30.0)
      astrolabe (~> 1.3)
      parser (>= 2.2.0.1, < 3.0)
      powerpack (~> 0.1)
      rainbow (>= 1.99.1, < 3.0)
      ruby-progressbar (~> 1.4)
    ruby-prof (0.15.6)
    ruby-progressbar (1.7.5)
    ruby2ruby (2.0.3)
      ruby_parser (~> 3.1)
      sexp_processor (~> 4.0)
    ruby_parser (3.1.3)
      sexp_processor (~> 4.1)
    sass (3.2.19)
    sass-rails (3.2.6)
      railties (~> 3.2.0)
      sass (>= 3.1.10)
      tilt (~> 1.3)
    select2-rails (3.5.9.3)
      thor (~> 0.14)
    sexp_processor (4.5.0)
    sextant (0.2.4)
      rails (>= 3.2)
    shellany (0.0.1)
    simple_form (2.1.2)
      actionpack (~> 3.0)
      activemodel (~> 3.0)
    simple_form-bank_account_number (1.0.0)
      simple_form (~> 2.1.0)
    simplecov (0.9.2)
      docile (~> 1.1.0)
      multi_json (~> 1.0)
      simplecov-html (~> 0.9.0)
    simplecov-html (0.9.0)
    sinatra (1.4.6)
      rack (~> 1.4)
      rack-protection (~> 1.4)
      tilt (>= 1.3, < 3)
    skylight (0.6.0)
      activesupport (>= 3.0.0)
    slim (1.3.9)
      temple (~> 0.6.3)
      tilt (~> 1.3, >= 1.3.3)
    slop (3.6.0)
    sprockets (2.2.3)
      hike (~> 1.2)
      multi_json (~> 1.0)
      rack (~> 1.0)
      tilt (~> 1.1, != 1.3.0)
    state_machine (1.1.2)
    strong_parameters (0.2.3)
      actionpack (~> 3.0)
      activemodel (~> 3.0)
      activesupport (~> 3.0)
      railties (~> 3.0)
    subexec (0.2.3)
    temple (0.6.10)
    term-ansicolor (1.3.0)
      tins (~> 1.0)
    terminal-notifier-guard (1.6.4)
    terminal-table (1.4.5)
    therubyracer (0.12.2)
      libv8 (~> 3.16.14.0)
      ref
    thor (0.19.1)
    thread_safe (0.3.5)
    tilt (1.4.1)
    timers (4.0.1)
      hitimes
    tins (1.3.5)
    treetop (1.4.15)
      polyglot
      polyglot (>= 0.3.1)
    trollop (2.1.2)
    tzinfo (0.3.43)
    uglifier (1.2.7)
      execjs (>= 0.3.0)
      multi_json (~> 1.3)
    unicode_utils (1.4.0)
    uniform_notifier (1.8.0)
    virtus (1.0.5)
      axiom-types (~> 0.1)
      coercible (~> 1.0)
      descendants_tracker (~> 0.0, >= 0.0.3)
      equalizer (~> 0.0, >= 0.0.9)
    warden (1.2.3)
      rack (>= 1.0)
    webrick (1.3.1)
    websocket-driver (0.5.4)
      websocket-extensions (>= 0.1.0)
    websocket-extensions (0.1.2)
    whenever (0.7.3)
      activesupport (>= 2.3.4)
      chronic (~> 0.6.3)
    xpath (2.0.0)
      nokogiri (~> 1.3)
    xray-rails (0.1.15)
      coffee-rails
      rails (>= 3.1.0)
    yard (0.8.7.6)

PLATFORMS
  ruby

DEPENDENCIES
  ace-rails-ap (~> 2.0.0)
  active_utils (< 3)
  activemerchant (~> 1.32.1)
  acts-as-taggable-on (~> 2.3.3)
  acts_as_list (~> 0.1.8)
  airbrake (~> 3.1.2)
  analytical (~> 3.0.12)
  apipie-rails (~> 0.2.6)
  attr_encryptor (~> 1.0.2)
  better_errors
  biggs (~> 0.3.3)
  binding_of_caller
  bootbox-rails (~> 0.1.0)
  bootstrap-sass (~> 2.3.2.2)
  brakeman
  bugsnag (~> 2.0.2)
  bullet
  bundler-audit
  byebug
  cane (~> 2.6.1)
  capistrano (~> 2)
  capybara (~> 2.3.0)
  capybara-screenshot
  carrierwave (~> 0.6.2)
  charlock_holmes (~> 0.6.9.4)
  coffee-rails (~> 3.2.2)
  compass-rails (~> 1.0.3)
  countries (~> 0.9.2)
  country_select (~> 1.1.3)
  crazy_money (>= 1.2.1)
  cucumber-rails
  currency_data (>= 1.1.0)
  daemons (~> 1.1.9)
  database_cleaner
  default_value_for (~> 2.0.1)
  delayed-plugins-airbrake (~> 1.1.0)
  delayed_job (~> 3.0.5)
  delayed_job_active_record (~> 0.4.4)
  delayed_job_web (= 1.2.0)
  delorean
  devise (~> 3.2.2)
  devise-i18n (~> 0.10.3)
  discover-unused-partials (~> 0.3.0)
  draper (~> 1.2.1)
  email_templator (>= 1.0.0)
  fabrication (~> 2.9.8)
  fast_blank (~> 0.0.2)
  figaro (~> 0.6.4)
  foreman (>= 0.78.0)
  fuzzy-string-match (~> 0.9.4)
  geokit (~> 1.8.5)
  guard-rspec
  haml-rails (~> 0.3.4)
  i15r
  i18n-spec (>= 0.5.2)
  inherited_resources (~> 1.3.1)
  intercom (>= 2.4.4)
  intercom-rails (>= 0.2.27)
  jquery-rails (~> 3.0.4)
  jquery-ui-rails (~> 4.0.5)
  launchy
  letter_opener
  librato-rails (>= 0.11.1)
  listen
  mail_safe
  meta_request
  mini_magick (~> 3.4)
  naught (~> 0.0.2)
  newrelic_rpm (>= 3.9.7.266)
  nokogiri (~> 1.6.2)
  oj (>= 2.12.1)
  ordinalize_full (>= 1.2.1)
  parallel_tests
  pg (~> 0.17.0)
  pg_search (~> 0.5.1)
  poltergeist
  premailer-rails (~> 1.4.0)
  pry-byebug
  pry-coolline
  pry-rails
  pry-stack_explorer
  quiet_assets
  rabl (~> 0.9.0)
  rack-mini-profiler (~> 0.9.2)
  rails (~> 3.2.21)
  rails-i18n (~> 3.0.0)
  rails-patch-json-encode (>= 0.1.1)
  rails-timeago (~> 2.8.1)
  rake (~> 10.3.2)
  rbtrace (>= 0.4.7)
  retryable (~> 1.3.5)
  rspec-activemodel-mocks
  rspec-rails
  rubocop
  ruby-prof
  sass-rails (~> 3.2.5)
  select2-rails (~> 3.5.0)
  sextant
  simple_form (~> 2.1.1)
  simple_form-bank_account_number (>= 1.0.0)
  simplecov
  skylight (>= 0.6.0)
  sprinkle!
  state_machine (~> 1.1.2)
  strong_parameters (~> 0.2.1)
  term-ansicolor
  terminal-notifier-guard
  therubyracer
  uglifier (~> 1.2.7)
  virtus (~> 1.0.1)
  webrick
  whenever (~> 0.7.3)
  xray-rails
  yard
